PATH
  remote: .
  specs:
    gctools (0.2.1)

GEM
  remote: https://rubygems.org/
  specs:
    rake (10.1.0)
    rake-compiler (0.9.2)
      rake

PLATFORMS
  ruby

DEPENDENCIES
  gctools!
  rake-compiler (~> 0.9)
