PATH
  remote: .
  specs:
    gcprof (0.1.0)

GEM
  remote: https://rubygems.org/
  specs:
    rake (10.1.0)
    rake-compiler (0.9.2)
      rake

PLATFORMS
  ruby

DEPENDENCIES
  gcprof!
  rake-compiler
